GEM
  remote: http://rubygems.org/
  specs:
    BlueCloth (1.0.1)
    albino (1.2.3)
    bluecloth (2.0.11)
    maruku (0.6.0)
      syntax (>= 1.0.0)
    oyster (0.9.4)
    pdoc (0.2.0)
      BlueCloth (> 0.0.0)
      oyster (> 0.0.0)
      treetop (> 0.0.0)
    polyglot (0.3.1)
    pygments (0.0.1.a)
    rake (0.8.7)
    rdiscount (1.6.8)
    syntax (1.0.0)
    treetop (1.4.9)
      polyglot (>= 0.3.1)

PLATFORMS
  ruby

DEPENDENCIES
  albino
  bluecloth
  maruku
  pdoc
  pygments
  rake
  rdiscount
